GEM
  remote: https://rubygems.org/
  specs:
    activesupport (5.1.4)
      concurrent-ruby (~> 1.0, >= 1.0.2)
      i18n (~> 0.7)
      minitest (~> 5.1)
      tzinfo (~> 1.1)
    alfred-3_workflow (0.1.0)
    awesome_print (1.8.0)
    bindata (2.4.1)
    byebug (9.1.0)
    coderay (1.1.2)
    concurrent-ruby (1.0.5)
    digest-crc (0.4.1)
    i18n (0.9.1)
      concurrent-ruby (~> 1.0)
    innodb_ruby (0.9.15)
      bindata (>= 1.4.5)
      digest-crc (>= 0.4.1)
    method_source (0.9.0)
    mini_portile2 (2.3.0)
    minitest (5.10.3)
    nokogiri (1.8.1)
      mini_portile2 (~> 2.3.0)
    pry (0.11.3)
      coderay (~> 1.1.0)
      method_source (~> 0.9.0)
    pry-byebug (3.5.1)
      byebug (~> 9.1)
      pry (~> 0.10)
    thread_safe (0.3.6)
    tzinfo (1.2.4)
      thread_safe (~> 0.1)

PLATFORMS
  ruby

DEPENDENCIES
  activesupport
  alfred-3_workflow
  awesome_print
  innodb_ruby
  nokogiri
  pry
  pry-byebug

BUNDLED WITH
   1.16.0
